GEM
  remote: https://rubygems.org/
  specs:
    daemons (1.3.1)
    httparty (0.18.0)
      mime-types (~> 3.0)
      multi_xml (>= 0.5.2)
    method_source (1.0.0)
    mime-types (3.3.1)
      mime-types-data (~> 3.2015)
    mime-types-data (3.2019.1009)
    multi_xml (0.6.0)

PLATFORMS
  ruby

DEPENDENCIES
  daemons
  httparty
  method_source (~> 1.0)

BUNDLED WITH
   1.17.3
