GEM
  remote: https://rubygems.org/
  specs:
    connection_pool (2.2.2)
    daemons (1.3.1)
    httparty (0.18.0)
      mime-types (~> 3.0)
      multi_xml (>= 0.5.2)
    method_source (1.0.0)
    mime-types (3.3.1)
      mime-types-data (~> 3.2015)
    mime-types-data (3.2019.1009)
    multi_xml (0.6.0)
    rack (2.2.2)
    rack-protection (2.0.8.1)
      rack
    redis (4.1.3)
    sidekiq (6.0.7)
      connection_pool (>= 2.2.2)
      rack (~> 2.0)
      rack-protection (>= 2.0.0)
      redis (>= 4.1.0)

PLATFORMS
  ruby

DEPENDENCIES
  daemons
  httparty
  method_source (~> 1.0)
  sidekiq (~> 6.0)

BUNDLED WITH
   1.17.3
